GEM
  remote: https://rubygems.org/
  specs:
    artii (2.0.3)
    asciiart (0.0.5)
      rainbow
      rmagick
    htmlentities (4.3.1)
    rainbow (1.1.4)
    rake (10.1.0)
    redcarpet (2.2.2)
    rmagick (2.13.2)

PLATFORMS
  ruby

DEPENDENCIES
  artii
  asciiart
  htmlentities
  rake
  redcarpet
