GEM
  remote: https://rubygems.org/
  specs:
    artii (2.1.1)
    rake (10.1.1)
    redcarpet (3.1.2)

PLATFORMS
  ruby

DEPENDENCIES
  artii (~> 2.1.1)
  rake
  redcarpet (~> 3.1.2)
