GEM
  remote: https://rubygems.org/
  specs:
    artii (2.0.3)
    asciiart (0.0.5)
      rainbow
      rmagick
    rainbow (1.1.4)
    redcarpet (2.2.2)
    rmagick (2.13.2)

PLATFORMS
  ruby

DEPENDENCIES
  artii
  asciiart
  redcarpet
